GEM
  remote: https://rubygems.org/
  specs:
   
PLATFORMS
  ruby

DEPENDENCIES
  github-pages (= 31)
